PATH
  remote: .
  specs:
    itamae-plugin-recipe-hadoop (0.1.4)
      itamae (~> 1.10, >= 1.10.4)

GEM
  remote: https://rubygems.org/
  specs:
    ansi (1.5.0)
    base64 (0.3.0)
    hashie (5.0.0)
    itamae (1.14.1)
      ansi
      hashie
      schash (~> 0.1.0)
      specinfra (>= 2.64.0, < 3.0.0)
      thor (>= 1.0.0)
    net-scp (4.1.0)
      net-ssh (>= 2.6.5, < 8.0.0)
    net-ssh (7.3.0)
    net-telnet (0.2.0)
    rake (13.0.1)
    schash (0.1.2)
    sfl (2.3)
    specinfra (2.94.1)
      base64
      net-scp
      net-ssh (>= 2.7)
      net-telnet
      sfl
    thor (1.4.0)

PLATFORMS
  ruby

DEPENDENCIES
  bundler (~> 2.0)
  itamae-plugin-recipe-hadoop!
  rake (>= 12.3.3)

BUNDLED WITH
   2.0.2
